PATH
  remote: .
  specs:
    logstash-filter-kubernetes-metadata (0.1.4)
      logstash-core (>= 2.0.0, < 3.0.0)
      lru_redux (~> 1.1.0)
      rest-client (~> 1.8.0)

GEM
  remote: https://rubygems.org/
  specs:
    cabin (0.8.1)
    clamp (0.6.5)
    coderay (1.1.1)
    concurrent-ruby (0.9.2-java)
    diff-lcs (1.2.5)
    domain_name (0.5.20160826)
      unf (>= 0.0.5, < 1.0.0)
    ffi (1.9.14-java)
    filesize (0.0.4)
    gem_publisher (1.5.0)
    gems (0.8.3)
    http-cookie (1.0.2)
      domain_name (~> 0.5)
    i18n (0.6.9)
    insist (1.0.0)
    jrjackson (0.3.9-java)
    jruby-openssl (0.9.16-java)
    kramdown (1.9.0)
    logstash-core (2.4.0-java)
      cabin (~> 0.8.0)
      clamp (~> 0.6.5)
      concurrent-ruby (= 0.9.2)
      filesize (= 0.0.4)
      gems (~> 0.8.3)
      i18n (= 0.6.9)
      jrjackson (~> 0.3.7)
      jruby-openssl (= 0.9.16)
      logstash-core-event (= 2.4.0)
      minitar (~> 0.5.4)
      pry (~> 0.10.1)
      rubyzip (~> 1.1.7)
      stud (~> 0.0.19)
      thread_safe (~> 0.3.5)
      treetop (< 1.5.0)
    logstash-core-event (2.4.0-java)
    logstash-devutils (0.0.18-java)
      gem_publisher
      insist (= 1.0.0)
      kramdown
      minitar
      rake
      rspec (~> 3.1.0)
      rspec-wait
      stud (>= 0.0.20)
    lru_redux (1.1.0)
    method_source (0.8.2)
    mime-types (2.99.3)
    minitar (0.5.4)
    netrc (0.11.0)
    polyglot (0.3.5)
    pry (0.10.4-java)
      coderay (~> 1.1.0)
      method_source (~> 0.8.1)
      slop (~> 3.4)
      spoon (~> 0.0)
    rack (1.6.4)
    rack-protection (1.5.3)
      rack
    rake (10.4.2)
    rest-client (1.8.0)
      http-cookie (>= 1.0.2, < 2.0)
      mime-types (>= 1.16, < 3.0)
      netrc (~> 0.7)
    rspec (3.1.0)
      rspec-core (~> 3.1.0)
      rspec-expectations (~> 3.1.0)
      rspec-mocks (~> 3.1.0)
    rspec-core (3.1.7)
      rspec-support (~> 3.1.0)
    rspec-expectations (3.1.2)
      diff-lcs (>= 1.2.0, < 2.0)
      rspec-support (~> 3.1.0)
    rspec-mocks (3.1.3)
      rspec-support (~> 3.1.0)
    rspec-support (3.1.2)
    rspec-wait (0.0.8)
      rspec (>= 2.11, < 3.5)
    rubyzip (1.1.7)
    sinatra (1.4.6)
      rack (~> 1.4)
      rack-protection (~> 1.4)
      tilt (>= 1.3, < 3)
    slop (3.6.0)
    spoon (0.0.6)
      ffi
    stud (0.0.22)
    thread_safe (0.3.5-java)
    tilt (2.0.1)
    treetop (1.4.15)
      polyglot
      polyglot (>= 0.3.1)
    unf (0.1.4-java)
    webrick (1.3.1)

PLATFORMS
  java

DEPENDENCIES
  logstash-devutils
  logstash-filter-kubernetes-metadata!
  sinatra
  webrick

BUNDLED WITH
   1.13.2
